GEM
  remote: http://rubygems.org/
  specs:
    ffi (1.3.1)
    ffi-coremidi (0.1.8)
      ffi (>= 1.0)
    midi (0.0.9)
      midi-eye (>= 0.1.3)
      midi-message (>= 0.2.2)
      unimidi (>= 0.2.3)
    midi-eye (0.2.2)
      midi-message
      midi-nibbler
      unimidi
    midi-message (0.3.2)
    midi-nibbler (0.1.1)
      midi-message
    rack (1.5.1)
    rack-protection (1.3.2)
      rack
    sinatra (1.3.4)
      rack (~> 1.4)
      rack-protection (~> 1.3)
      tilt (~> 1.3, >= 1.3.3)
    tilt (1.3.3)
    unimidi (0.3.3)
      ffi-coremidi

PLATFORMS
  ruby

DEPENDENCIES
  midi
  rack (>= 1.0)
  sinatra
